PATH
  remote: .
  specs:
    daemon-kit (0.1.8.2)
      eventmachine (>= 0.12.10)
      safely (>= 0.3.1)

GEM
  remote: http://rubygems.org/
  specs:
    SyslogLogger (1.4.1)
    builder (3.1.3)
    cucumber (0.10.7)
      builder (>= 2.1.2)
      diff-lcs (>= 1.1.2)
      gherkin (~> 2.4.0)
      json (>= 1.4.6)
      term-ansicolor (>= 1.0.5)
    diff-lcs (1.1.3)
    eventmachine (1.0.0)
    gherkin (2.4.21)
      json (>= 1.4.6)
    json (1.7.5)
    mocha (0.9.12)
    rake (0.9.2.2)
    rdoc (3.12)
      json (~> 1.4)
    rspec (2.11.0)
      rspec-core (~> 2.11.0)
      rspec-expectations (~> 2.11.0)
      rspec-mocks (~> 2.11.0)
    rspec-core (2.11.1)
    rspec-expectations (2.11.3)
      diff-lcs (~> 1.1.3)
    rspec-mocks (2.11.3)
    safely (0.3.2)
    term-ansicolor (1.0.7)

PLATFORMS
  ruby

DEPENDENCIES
  SyslogLogger
  bundler
  cucumber (~> 0.10.0)
  daemon-kit!
  mocha (~> 0.9.12)
  rake
  rdoc
  rspec (~> 2.6)
